GEM
  remote: http://rubygems.org/
  specs:
    coderay (1.0.8)
    rack (1.4.4)
    rack-protection (1.3.2)
      rack
    redcarpet (2.2.2)
    sinatra (1.3.3)
      rack (~> 1.3, >= 1.3.6)
      rack-protection (~> 1.2)
      tilt (~> 1.3, >= 1.3.3)
    tilt (1.3.3)

PLATFORMS
  ruby

DEPENDENCIES
  coderay
  redcarpet
  sinatra
